GEM
  remote: https://rubygems.org/
  specs:
    faraday (0.8.7)
      multipart-post (~> 1.1)
    georuby (2.0.0)
    json (1.7.7)
    mime-types (1.18)
    multi_json (1.0.4)
    multipart-post (1.1.5)
    pg (0.14.1)
    rack (1.5.2)
    rack-protection (1.4.0)
      rack
    redis (3.0.4)
    redis-lock (0.1.0)
      redis
    rest-client (1.6.7)
      mime-types (>= 1.16)
    sequel (3.45.0)
    simple_oauth (0.2.0)
    sinatra (1.3.5)
      rack (~> 1.4)
      rack-protection (~> 1.3)
      tilt (~> 1.3, >= 1.3.3)
    sinatra-sequel (0.9.0)
      sequel (>= 3.2.0)
      sinatra (>= 0.9.4)
    tilt (1.3.4)
    twitter (4.8.0)
      faraday (~> 0.8, < 0.10)
      multi_json (~> 1.0)
      simple_oauth (~> 0.2)

PLATFORMS
  ruby

DEPENDENCIES
  georuby
  json
  pg
  redis
  redis-lock
  rest-client
  sequel
  sinatra
  sinatra-sequel
  twitter
